GEM
  remote: https://rubygems.org/
  specs:
    activesupport (4.0.3)
      i18n (~> 0.6, >= 0.6.4)
      minitest (~> 4.2)
      multi_json (~> 1.3)
      thread_safe (~> 0.1)
      tzinfo (~> 0.3.37)
    addressable (2.5.2)
      public_suffix (>= 2.0.2, < 4.0)
    atomic (1.1.15)
    coderay (1.1.2)
    crack (0.4.3)
      safe_yaml (~> 1.0.0)
    diff-lcs (1.2.5)
    dotenv (2.2.1)
    factory_bot (4.8.2)
      activesupport (>= 3.0.0)
    fake_ftp (0.3.0)
    hashdiff (0.3.7)
    i18n (0.6.9)
    iconv (1.0.4)
    method_source (0.9.0)
    minitest (4.7.5)
    multi_json (1.8.4)
    net-sftp (2.1.2)
      net-ssh (>= 2.6.5)
    net-ssh (2.8.0)
    pry (0.11.3)
      coderay (~> 1.1.0)
      method_source (~> 0.9.0)
    public_suffix (3.0.1)
    rspec (2.14.1)
      rspec-core (~> 2.14.0)
      rspec-expectations (~> 2.14.0)
      rspec-mocks (~> 2.14.0)
    rspec-core (2.14.8)
    rspec-expectations (2.14.5)
      diff-lcs (>= 1.1.3, < 2.0)
    rspec-mocks (2.14.6)
    safe_yaml (1.0.4)
    thread_safe (0.2.0)
      atomic (>= 1.1.7, < 2)
    tzinfo (0.3.38)
    webmock (3.3.0)
      addressable (>= 2.3.6)
      crack (>= 0.3.2)
      hashdiff

PLATFORMS
  ruby

DEPENDENCIES
  activesupport
  dotenv
  factory_bot
  fake_ftp
  iconv
  net-sftp
  pry
  rspec
  rspec-mocks
  webmock

RUBY VERSION
   ruby 2.3.3p222

BUNDLED WITH
   1.15.3
